GEM
  remote: https://rubygems.org/
  specs:
    actioncable (5.2.4.4)
      actionpack (= 5.2.4.4)
      nio4r (~> 2.0)
      websocket-driver (>= 0.6.1)
    actionmailer (5.2.4.4)
      actionpack (= 5.2.4.4)
      actionview (= 5.2.4.4)
      activejob (= 5.2.4.4)
      mail (~> 2.5, >= 2.5.4)
      rails-dom-testing (~> 2.0)
    actionpack (5.2.4.4)
      actionview (= 5.2.4.4)
      activesupport (= 5.2.4.4)
      rack (~> 2.0, >= 2.0.8)
      rack-test (>= 0.6.3)
      rails-dom-testing (~> 2.0)
      rails-html-sanitizer (~> 1.0, >= 1.0.2)
    actionview (5.2.4.4)
      activesupport (= 5.2.4.4)
      builder (~> 3.1)
      erubi (~> 1.4)
      rails-dom-testing (~> 2.0)
      rails-html-sanitizer (~> 1.0, >= 1.0.3)
    activejob (5.2.4.4)
      activesupport (= 5.2.4.4)
      globalid (>= 0.3.6)
    activemodel (5.2.4.4)
      activesupport (= 5.2.4.4)
    activerecord (5.2.4.4)
      activemodel (= 5.2.4.4)
      activesupport (= 5.2.4.4)
      arel (>= 9.0)
    activestorage (5.2.4.4)
      actionpack (= 5.2.4.4)
      activerecord (= 5.2.4.4)
      marcel (~> 0.3.1)
    activesupport (5.2.4.4)
      concurrent-ruby (~> 1.0, >= 1.0.2)
      i18n (>= 0.7, < 2)
      minitest (~> 5.1)
      tzinfo (~> 1.1)
    addressable (2.8.0)
      public_suffix (>= 2.0.2, < 5.0)
    arel (9.0.0)
    aws-eventstream (1.1.0)
    aws-partitions (1.399.0)
    aws-sdk (3.0.1)
      aws-sdk-resources (~> 3)
    aws-sdk-accessanalyzer (1.14.0)
      aws-sdk-core (~> 3, >= 3.109.0)
      aws-sigv4 (~> 1.1)
    aws-sdk-acm (1.38.0)
      aws-sdk-core (~> 3, >= 3.109.0)
      aws-sigv4 (~> 1.1)
    aws-sdk-acmpca (1.30.0)
      aws-sdk-core (~> 3, >= 3.109.0)
      aws-sigv4 (~> 1.1)
    aws-sdk-alexaforbusiness (1.43.0)
      aws-sdk-core (~> 3, >= 3.109.0)
      aws-sigv4 (~> 1.1)
    aws-sdk-amplify (1.27.0)
      aws-sdk-core (~> 3, >= 3.109.0)
      aws-sigv4 (~> 1.1)
    aws-sdk-apigateway (1.56.0)
      aws-sdk-core (~> 3, >= 3.109.0)
      aws-sigv4 (~> 1.1)
    aws-sdk-apigatewaymanagementapi (1.19.0)
      aws-sdk-core (~> 3, >= 3.109.0)
      aws-sigv4 (~> 1.1)
    aws-sdk-apigatewayv2 (1.29.0)
      aws-sdk-core (~> 3, >= 3.109.0)
      aws-sigv4 (~> 1.1)
    aws-sdk-appconfig (1.12.0)
      aws-sdk-core (~> 3, >= 3.109.0)
      aws-sigv4 (~> 1.1)
    aws-sdk-appflow (1.4.0)
      aws-sdk-core (~> 3, >= 3.109.0)
      aws-sigv4 (~> 1.1)
    aws-sdk-applicationautoscaling (1.48.0)
      aws-sdk-core (~> 3, >= 3.109.0)
      aws-sigv4 (~> 1.1)
    aws-sdk-applicationdiscoveryservice (1.33.0)
      aws-sdk-core (~> 3, >= 3.109.0)
      aws-sigv4 (~> 1.1)
    aws-sdk-applicationinsights (1.16.0)
      aws-sdk-core (~> 3, >= 3.109.0)
      aws-sigv4 (~> 1.1)
    aws-sdk-appmesh (1.33.0)
      aws-sdk-core (~> 3, >= 3.109.0)
      aws-sigv4 (~> 1.1)
    aws-sdk-appregistry (1.1.0)
      aws-sdk-core (~> 3, >= 3.109.0)
      aws-sigv4 (~> 1.1)
    aws-sdk-appstream (1.48.0)
      aws-sdk-core (~> 3, >= 3.109.0)
      aws-sigv4 (~> 1.1)
    aws-sdk-appsync (1.37.0)
      aws-sdk-core (~> 3, >= 3.109.0)
      aws-sigv4 (~> 1.1)
    aws-sdk-athena (1.33.0)
      aws-sdk-core (~> 3, >= 3.109.0)
      aws-sigv4 (~> 1.1)
    aws-sdk-augmentedairuntime (1.10.0)
      aws-sdk-core (~> 3, >= 3.109.0)
      aws-sigv4 (~> 1.1)
    aws-sdk-autoscaling (1.51.0)
      aws-sdk-core (~> 3, >= 3.109.0)
      aws-sigv4 (~> 1.1)
    aws-sdk-autoscalingplans (1.28.0)
      aws-sdk-core (~> 3, >= 3.109.0)
      aws-sigv4 (~> 1.1)
    aws-sdk-backup (1.25.0)
      aws-sdk-core (~> 3, >= 3.109.0)
      aws-sigv4 (~> 1.1)
    aws-sdk-batch (1.41.0)
      aws-sdk-core (~> 3, >= 3.109.0)
      aws-sigv4 (~> 1.1)
    aws-sdk-braket (1.5.0)
      aws-sdk-core (~> 3, >= 3.109.0)
      aws-sigv4 (~> 1.1)
    aws-sdk-budgets (1.36.0)
      aws-sdk-core (~> 3, >= 3.109.0)
      aws-sigv4 (~> 1.1)
    aws-sdk-chime (1.39.0)
      aws-sdk-core (~> 3, >= 3.109.0)
      aws-sigv4 (~> 1.1)
    aws-sdk-cloud9 (1.29.0)
      aws-sdk-core (~> 3, >= 3.109.0)
      aws-sigv4 (~> 1.1)
    aws-sdk-clouddirectory (1.29.0)
      aws-sdk-core (~> 3, >= 3.109.0)
      aws-sigv4 (~> 1.1)
    aws-sdk-cloudformation (1.46.0)
      aws-sdk-core (~> 3, >= 3.109.0)
      aws-sigv4 (~> 1.1)
    aws-sdk-cloudfront (1.46.0)
      aws-sdk-core (~> 3, >= 3.109.0)
      aws-sigv4 (~> 1.1)
    aws-sdk-cloudhsm (1.27.0)
      aws-sdk-core (~> 3, >= 3.109.0)
      aws-sigv4 (~> 1.1)
    aws-sdk-cloudhsmv2 (1.31.0)
      aws-sdk-core (~> 3, >= 3.109.0)
      aws-sigv4 (~> 1.1)
    aws-sdk-cloudsearch (1.26.0)
      aws-sdk-core (~> 3, >= 3.109.0)
      aws-sigv4 (~> 1.1)
    aws-sdk-cloudsearchdomain (1.22.0)
      aws-sdk-core (~> 3, >= 3.109.0)
      aws-sigv4 (~> 1.1)
    aws-sdk-cloudtrail (1.30.0)
      aws-sdk-core (~> 3, >= 3.109.0)
      aws-sigv4 (~> 1.1)
    aws-sdk-cloudwatch (1.46.0)
      aws-sdk-core (~> 3, >= 3.109.0)
      aws-sigv4 (~> 1.1)
    aws-sdk-cloudwatchevents (1.40.0)
      aws-sdk-core (~> 3, >= 3.109.0)
      aws-sigv4 (~> 1.1)
    aws-sdk-cloudwatchlogs (1.38.0)
      aws-sdk-core (~> 3, >= 3.109.0)
      aws-sigv4 (~> 1.1)
    aws-sdk-codeartifact (1.6.0)
      aws-sdk-core (~> 3, >= 3.109.0)
      aws-sigv4 (~> 1.1)
    aws-sdk-codebuild (1.65.0)
      aws-sdk-core (~> 3, >= 3.109.0)
      aws-sigv4 (~> 1.1)
    aws-sdk-codecommit (1.40.0)
      aws-sdk-core (~> 3, >= 3.109.0)
      aws-sigv4 (~> 1.1)
    aws-sdk-codedeploy (1.37.0)
      aws-sdk-core (~> 3, >= 3.109.0)
      aws-sigv4 (~> 1.1)
    aws-sdk-codeguruprofiler (1.12.0)
      aws-sdk-core (~> 3, >= 3.109.0)
      aws-sigv4 (~> 1.1)
    aws-sdk-codegurureviewer (1.14.0)
      aws-sdk-core (~> 3, >= 3.109.0)
      aws-sigv4 (~> 1.1)
    aws-sdk-codepipeline (1.38.0)
      aws-sdk-core (~> 3, >= 3.109.0)
      aws-sigv4 (~> 1.1)
    aws-sdk-codestar (1.27.0)
      aws-sdk-core (~> 3, >= 3.109.0)
      aws-sigv4 (~> 1.1)
    aws-sdk-codestarconnections (1.12.0)
      aws-sdk-core (~> 3, >= 3.109.0)
      aws-sigv4 (~> 1.1)
    aws-sdk-codestarnotifications (1.8.0)
      aws-sdk-core (~> 3, >= 3.109.0)
      aws-sigv4 (~> 1.1)
    aws-sdk-cognitoidentity (1.28.0)
      aws-sdk-core (~> 3, >= 3.109.0)
      aws-sigv4 (~> 1.1)
    aws-sdk-cognitoidentityprovider (1.48.0)
      aws-sdk-core (~> 3, >= 3.109.0)
      aws-sigv4 (~> 1.1)
    aws-sdk-cognitosync (1.24.0)
      aws-sdk-core (~> 3, >= 3.109.0)
      aws-sigv4 (~> 1.1)
    aws-sdk-comprehend (1.42.0)
      aws-sdk-core (~> 3, >= 3.109.0)
      aws-sigv4 (~> 1.1)
    aws-sdk-comprehendmedical (1.23.0)
      aws-sdk-core (~> 3, >= 3.109.0)
      aws-sigv4 (~> 1.1)
    aws-sdk-computeoptimizer (1.9.0)
      aws-sdk-core (~> 3, >= 3.109.0)
      aws-sigv4 (~> 1.1)
    aws-sdk-configservice (1.53.0)
      aws-sdk-core (~> 3, >= 3.109.0)
      aws-sigv4 (~> 1.1)
    aws-sdk-connect (1.36.0)
      aws-sdk-core (~> 3, >= 3.109.0)
      aws-sigv4 (~> 1.1)
    aws-sdk-connectparticipant (1.8.0)
      aws-sdk-core (~> 3, >= 3.109.0)
      aws-sigv4 (~> 1.1)
    aws-sdk-core (3.109.3)
      aws-eventstream (~> 1, >= 1.0.2)
      aws-partitions (~> 1, >= 1.239.0)
      aws-sigv4 (~> 1.1)
      jmespath (~> 1.0)
    aws-sdk-costandusagereportservice (1.28.0)
      aws-sdk-core (~> 3, >= 3.109.0)
      aws-sigv4 (~> 1.1)
    aws-sdk-costexplorer (1.53.0)
      aws-sdk-core (~> 3, >= 3.109.0)
      aws-sigv4 (~> 1.1)
    aws-sdk-databasemigrationservice (1.47.0)
      aws-sdk-core (~> 3, >= 3.109.0)
      aws-sigv4 (~> 1.1)
    aws-sdk-dataexchange (1.10.0)
      aws-sdk-core (~> 3, >= 3.109.0)
      aws-sigv4 (~> 1.1)
    aws-sdk-datapipeline (1.24.0)
      aws-sdk-core (~> 3, >= 3.109.0)
      aws-sigv4 (~> 1.1)
    aws-sdk-datasync (1.28.0)
      aws-sdk-core (~> 3, >= 3.109.0)
      aws-sigv4 (~> 1.1)
    aws-sdk-dax (1.27.0)
      aws-sdk-core (~> 3, >= 3.109.0)
      aws-sigv4 (~> 1.1)
    aws-sdk-detective (1.11.0)
      aws-sdk-core (~> 3, >= 3.109.0)
      aws-sigv4 (~> 1.1)
    aws-sdk-devicefarm (1.39.0)
      aws-sdk-core (~> 3, >= 3.109.0)
      aws-sigv4 (~> 1.1)
    aws-sdk-directconnect (1.37.0)
      aws-sdk-core (~> 3, >= 3.109.0)
      aws-sigv4 (~> 1.1)
    aws-sdk-directoryservice (1.35.0)
      aws-sdk-core (~> 3, >= 3.109.0)
      aws-sigv4 (~> 1.1)
    aws-sdk-dlm (1.36.0)
      aws-sdk-core (~> 3, >= 3.109.0)
      aws-sigv4 (~> 1.1)
    aws-sdk-docdb (1.26.0)
      aws-sdk-core (~> 3, >= 3.109.0)
      aws-sigv4 (~> 1.1)
    aws-sdk-dynamodb (1.58.0)
      aws-sdk-core (~> 3, >= 3.109.0)
      aws-sigv4 (~> 1.1)
    aws-sdk-dynamodbstreams (1.26.0)
      aws-sdk-core (~> 3, >= 3.109.0)
      aws-sigv4 (~> 1.1)
    aws-sdk-ebs (1.11.0)
      aws-sdk-core (~> 3, >= 3.109.0)
      aws-sigv4 (~> 1.1)
    aws-sdk-ec2 (1.211.0)
      aws-sdk-core (~> 3, >= 3.109.0)
      aws-sigv4 (~> 1.1)
    aws-sdk-ec2instanceconnect (1.11.0)
      aws-sdk-core (~> 3, >= 3.109.0)
      aws-sigv4 (~> 1.1)
    aws-sdk-ecr (1.39.0)
      aws-sdk-core (~> 3, >= 3.109.0)
      aws-sigv4 (~> 1.1)
    aws-sdk-ecs (1.72.0)
      aws-sdk-core (~> 3, >= 3.109.0)
      aws-sigv4 (~> 1.1)
    aws-sdk-efs (1.36.0)
      aws-sdk-core (~> 3, >= 3.109.0)
      aws-sigv4 (~> 1.1)
    aws-sdk-eks (1.45.0)
      aws-sdk-core (~> 3, >= 3.109.0)
      aws-sigv4 (~> 1.1)
    aws-sdk-elasticache (1.47.0)
      aws-sdk-core (~> 3, >= 3.109.0)
      aws-sigv4 (~> 1.1)
    aws-sdk-elasticbeanstalk (1.40.0)
      aws-sdk-core (~> 3, >= 3.109.0)
      aws-sigv4 (~> 1.1)
    aws-sdk-elasticinference (1.10.0)
      aws-sdk-core (~> 3, >= 3.109.0)
      aws-sigv4 (~> 1.1)
    aws-sdk-elasticloadbalancing (1.29.0)
      aws-sdk-core (~> 3, >= 3.109.0)
      aws-sigv4 (~> 1.1)
    aws-sdk-elasticloadbalancingv2 (1.56.0)
      aws-sdk-core (~> 3, >= 3.109.0)
      aws-sigv4 (~> 1.1)
    aws-sdk-elasticsearchservice (1.46.0)
      aws-sdk-core (~> 3, >= 3.109.0)
      aws-sigv4 (~> 1.1)
    aws-sdk-elastictranscoder (1.27.0)
      aws-sdk-core (~> 3, >= 3.109.0)
      aws-sigv4 (~> 1.1)
    aws-sdk-emr (1.40.0)
      aws-sdk-core (~> 3, >= 3.109.0)
      aws-sigv4 (~> 1.1)
    aws-sdk-eventbridge (1.18.0)
      aws-sdk-core (~> 3, >= 3.109.0)
      aws-sigv4 (~> 1.1)
    aws-sdk-firehose (1.35.0)
      aws-sdk-core (~> 3, >= 3.109.0)
      aws-sigv4 (~> 1.1)
    aws-sdk-fms (1.33.0)
      aws-sdk-core (~> 3, >= 3.109.0)
      aws-sigv4 (~> 1.1)
    aws-sdk-forecastqueryservice (1.10.0)
      aws-sdk-core (~> 3, >= 3.109.0)
      aws-sigv4 (~> 1.1)
    aws-sdk-forecastservice (1.13.0)
      aws-sdk-core (~> 3, >= 3.109.0)
      aws-sigv4 (~> 1.1)
    aws-sdk-frauddetector (1.14.0)
      aws-sdk-core (~> 3, >= 3.109.0)
      aws-sigv4 (~> 1.1)
    aws-sdk-fsx (1.33.0)
      aws-sdk-core (~> 3, >= 3.109.0)
      aws-sigv4 (~> 1.1)
    aws-sdk-gamelift (1.39.0)
      aws-sdk-core (~> 3, >= 3.109.0)
      aws-sigv4 (~> 1.1)
    aws-sdk-glacier (1.35.0)
      aws-sdk-core (~> 3, >= 3.109.0)
      aws-sigv4 (~> 1.1)
    aws-sdk-globalaccelerator (1.25.0)
      aws-sdk-core (~> 3, >= 3.109.0)
      aws-sigv4 (~> 1.1)
    aws-sdk-glue (1.80.0)
      aws-sdk-core (~> 3, >= 3.109.0)
      aws-sigv4 (~> 1.1)
    aws-sdk-gluedatabrew (1.0.0)
      aws-sdk-core (~> 3, >= 3.109.0)
      aws-sigv4 (~> 1.1)
    aws-sdk-greengrass (1.37.0)
      aws-sdk-core (~> 3, >= 3.109.0)
      aws-sigv4 (~> 1.1)
    aws-sdk-groundstation (1.15.0)
      aws-sdk-core (~> 3, >= 3.109.0)
      aws-sigv4 (~> 1.1)
    aws-sdk-guardduty (1.42.0)
      aws-sdk-core (~> 3, >= 3.109.0)
      aws-sigv4 (~> 1.1)
    aws-sdk-health (1.31.0)
      aws-sdk-core (~> 3, >= 3.109.0)
      aws-sigv4 (~> 1.1)
    aws-sdk-honeycode (1.3.0)
      aws-sdk-core (~> 3, >= 3.109.0)
      aws-sigv4 (~> 1.1)
    aws-sdk-iam (1.46.0)
      aws-sdk-core (~> 3, >= 3.109.0)
      aws-sigv4 (~> 1.1)
    aws-sdk-identitystore (1.3.0)
      aws-sdk-core (~> 3, >= 3.109.0)
      aws-sigv4 (~> 1.1)
    aws-sdk-imagebuilder (1.16.0)
      aws-sdk-core (~> 3, >= 3.109.0)
      aws-sigv4 (~> 1.1)
    aws-sdk-importexport (1.24.0)
      aws-sdk-core (~> 3, >= 3.109.0)
      aws-sigv2 (~> 1.0)
    aws-sdk-inspector (1.32.0)
      aws-sdk-core (~> 3, >= 3.109.0)
      aws-sigv4 (~> 1.1)
    aws-sdk-iot (1.63.0)
      aws-sdk-core (~> 3, >= 3.109.0)
      aws-sigv4 (~> 1.1)
    aws-sdk-iot1clickdevicesservice (1.26.0)
      aws-sdk-core (~> 3, >= 3.109.0)
      aws-sigv4 (~> 1.1)
    aws-sdk-iot1clickprojects (1.26.0)
      aws-sdk-core (~> 3, >= 3.109.0)
      aws-sigv4 (~> 1.1)
    aws-sdk-iotanalytics (1.35.0)
      aws-sdk-core (~> 3, >= 3.109.0)
      aws-sigv4 (~> 1.1)
    aws-sdk-iotdataplane (1.26.0)
      aws-sdk-core (~> 3, >= 3.109.0)
      aws-sigv4 (~> 1.1)
    aws-sdk-iotevents (1.20.0)
      aws-sdk-core (~> 3, >= 3.109.0)
      aws-sigv4 (~> 1.1)
    aws-sdk-ioteventsdata (1.13.0)
      aws-sdk-core (~> 3, >= 3.109.0)
      aws-sigv4 (~> 1.1)
    aws-sdk-iotjobsdataplane (1.25.0)
      aws-sdk-core (~> 3, >= 3.109.0)
      aws-sigv4 (~> 1.1)
    aws-sdk-iotsecuretunneling (1.9.0)
      aws-sdk-core (~> 3, >= 3.109.0)
      aws-sigv4 (~> 1.1)
    aws-sdk-iotsitewise (1.15.0)
      aws-sdk-core (~> 3, >= 3.109.0)
      aws-sigv4 (~> 1.1)
    aws-sdk-iotthingsgraph (1.12.0)
      aws-sdk-core (~> 3, >= 3.109.0)
      aws-sigv4 (~> 1.1)
    aws-sdk-ivs (1.5.0)
      aws-sdk-core (~> 3, >= 3.109.0)
      aws-sigv4 (~> 1.1)
    aws-sdk-kafka (1.31.0)
      aws-sdk-core (~> 3, >= 3.109.0)
      aws-sigv4 (~> 1.1)
    aws-sdk-kendra (1.18.0)
      aws-sdk-core (~> 3, >= 3.109.0)
      aws-sigv4 (~> 1.1)
    aws-sdk-kinesis (1.30.0)
      aws-sdk-core (~> 3, >= 3.109.0)
      aws-sigv4 (~> 1.1)
    aws-sdk-kinesisanalytics (1.29.0)
      aws-sdk-core (~> 3, >= 3.109.0)
      aws-sigv4 (~> 1.1)
    aws-sdk-kinesisanalyticsv2 (1.24.0)
      aws-sdk-core (~> 3, >= 3.109.0)
      aws-sigv4 (~> 1.1)
    aws-sdk-kinesisvideo (1.30.0)
      aws-sdk-core (~> 3, >= 3.109.0)
      aws-sigv4 (~> 1.1)
    aws-sdk-kinesisvideoarchivedmedia (1.29.0)
      aws-sdk-core (~> 3, >= 3.109.0)
      aws-sigv4 (~> 1.1)
    aws-sdk-kinesisvideomedia (1.26.0)
      aws-sdk-core (~> 3, >= 3.109.0)
      aws-sigv4 (~> 1.1)
    aws-sdk-kinesisvideosignalingchannels (1.8.0)
      aws-sdk-core (~> 3, >= 3.109.0)
      aws-sigv4 (~> 1.1)
    aws-sdk-kms (1.39.0)
      aws-sdk-core (~> 3, >= 3.109.0)
      aws-sigv4 (~> 1.1)
    aws-sdk-lakeformation (1.11.0)
      aws-sdk-core (~> 3, >= 3.109.0)
      aws-sigv4 (~> 1.1)
    aws-sdk-lambda (1.54.0)
      aws-sdk-core (~> 3, >= 3.109.0)
      aws-sigv4 (~> 1.1)
    aws-sdk-lambdapreview (1.24.0)
      aws-sdk-core (~> 3, >= 3.109.0)
      aws-sigv4 (~> 1.1)
    aws-sdk-lex (1.33.0)
      aws-sdk-core (~> 3, >= 3.109.0)
      aws-sigv4 (~> 1.1)
    aws-sdk-lexmodelbuildingservice (1.42.0)
      aws-sdk-core (~> 3, >= 3.109.0)
      aws-sigv4 (~> 1.1)
    aws-sdk-licensemanager (1.21.0)
      aws-sdk-core (~> 3, >= 3.109.0)
      aws-sigv4 (~> 1.1)
    aws-sdk-lightsail (1.40.0)
      aws-sdk-core (~> 3, >= 3.109.0)
      aws-sigv4 (~> 1.1)
    aws-sdk-machinelearning (1.25.0)
      aws-sdk-core (~> 3, >= 3.109.0)
      aws-sigv4 (~> 1.1)
    aws-sdk-macie (1.25.0)
      aws-sdk-core (~> 3, >= 3.109.0)
      aws-sigv4 (~> 1.1)
    aws-sdk-macie2 (1.18.0)
      aws-sdk-core (~> 3, >= 3.109.0)
      aws-sigv4 (~> 1.1)
    aws-sdk-managedblockchain (1.17.0)
      aws-sdk-core (~> 3, >= 3.109.0)
      aws-sigv4 (~> 1.1)
    aws-sdk-marketplacecatalog (1.9.0)
      aws-sdk-core (~> 3, >= 3.109.0)
      aws-sigv4 (~> 1.1)
    aws-sdk-marketplacecommerceanalytics (1.30.0)
      aws-sdk-core (~> 3, >= 3.109.0)
      aws-sigv4 (~> 1.1)
    aws-sdk-marketplaceentitlementservice (1.24.0)
      aws-sdk-core (~> 3, >= 3.109.0)
      aws-sigv4 (~> 1.1)
    aws-sdk-marketplacemetering (1.32.0)
      aws-sdk-core (~> 3, >= 3.109.0)
      aws-sigv4 (~> 1.1)
    aws-sdk-mediaconnect (1.28.0)
      aws-sdk-core (~> 3, >= 3.109.0)
      aws-sigv4 (~> 1.1)
    aws-sdk-mediaconvert (1.60.0)
      aws-sdk-core (~> 3, >= 3.109.0)
      aws-sigv4 (~> 1.1)
    aws-sdk-medialive (1.60.0)
      aws-sdk-core (~> 3, >= 3.109.0)
      aws-sigv4 (~> 1.1)
    aws-sdk-mediapackage (1.36.0)
      aws-sdk-core (~> 3, >= 3.109.0)
      aws-sigv4 (~> 1.1)
    aws-sdk-mediapackagevod (1.19.0)
      aws-sdk-core (~> 3, >= 3.109.0)
      aws-sigv4 (~> 1.1)
    aws-sdk-mediastore (1.30.0)
      aws-sdk-core (~> 3, >= 3.109.0)
      aws-sigv4 (~> 1.1)
    aws-sdk-mediastoredata (1.27.0)
      aws-sdk-core (~> 3, >= 3.109.0)
      aws-sigv4 (~> 1.1)
    aws-sdk-mediatailor (1.33.0)
      aws-sdk-core (~> 3, >= 3.109.0)
      aws-sigv4 (~> 1.1)
    aws-sdk-migrationhub (1.29.0)
      aws-sdk-core (~> 3, >= 3.109.0)
      aws-sigv4 (~> 1.1)
    aws-sdk-migrationhubconfig (1.9.0)
      aws-sdk-core (~> 3, >= 3.109.0)
      aws-sigv4 (~> 1.1)
    aws-sdk-mobile (1.24.0)
      aws-sdk-core (~> 3, >= 3.109.0)
      aws-sigv4 (~> 1.1)
    aws-sdk-mq (1.34.0)
      aws-sdk-core (~> 3, >= 3.109.0)
      aws-sigv4 (~> 1.1)
    aws-sdk-mturk (1.27.0)
      aws-sdk-core (~> 3, >= 3.109.0)
      aws-sigv4 (~> 1.1)
    aws-sdk-mwaa (1.0.0)
      aws-sdk-core (~> 3, >= 3.109.0)
      aws-sigv4 (~> 1.1)
    aws-sdk-neptune (1.31.0)
      aws-sdk-core (~> 3, >= 3.109.0)
      aws-sigv4 (~> 1.1)
    aws-sdk-networkfirewall (1.0.0)
      aws-sdk-core (~> 3, >= 3.109.0)
      aws-sigv4 (~> 1.1)
    aws-sdk-networkmanager (1.8.0)
      aws-sdk-core (~> 3, >= 3.109.0)
      aws-sigv4 (~> 1.1)
    aws-sdk-opsworks (1.30.0)
      aws-sdk-core (~> 3, >= 3.109.0)
      aws-sigv4 (~> 1.1)
    aws-sdk-opsworkscm (1.40.0)
      aws-sdk-core (~> 3, >= 3.109.0)
      aws-sigv4 (~> 1.1)
    aws-sdk-organizations (1.55.0)
      aws-sdk-core (~> 3, >= 3.109.0)
      aws-sigv4 (~> 1.1)
    aws-sdk-outposts (1.12.0)
      aws-sdk-core (~> 3, >= 3.109.0)
      aws-sigv4 (~> 1.1)
    aws-sdk-personalize (1.19.0)
      aws-sdk-core (~> 3, >= 3.109.0)
      aws-sigv4 (~> 1.1)
    aws-sdk-personalizeevents (1.14.0)
      aws-sdk-core (~> 3, >= 3.109.0)
      aws-sigv4 (~> 1.1)
    aws-sdk-personalizeruntime (1.19.0)
      aws-sdk-core (~> 3, >= 3.109.0)
      aws-sigv4 (~> 1.1)
    aws-sdk-pi (1.24.0)
      aws-sdk-core (~> 3, >= 3.109.0)
      aws-sigv4 (~> 1.1)
    aws-sdk-pinpoint (1.47.0)
      aws-sdk-core (~> 3, >= 3.109.0)
      aws-sigv4 (~> 1.1)
    aws-sdk-pinpointemail (1.24.0)
      aws-sdk-core (~> 3, >= 3.109.0)
      aws-sigv4 (~> 1.1)
    aws-sdk-pinpointsmsvoice (1.21.0)
      aws-sdk-core (~> 3, >= 3.109.0)
      aws-sigv4 (~> 1.1)
    aws-sdk-polly (1.38.0)
      aws-sdk-core (~> 3, >= 3.109.0)
      aws-sigv4 (~> 1.1)
    aws-sdk-pricing (1.24.0)
      aws-sdk-core (~> 3, >= 3.109.0)
      aws-sigv4 (~> 1.1)
    aws-sdk-qldb (1.11.0)
      aws-sdk-core (~> 3, >= 3.109.0)
      aws-sigv4 (~> 1.1)
    aws-sdk-qldbsession (1.9.0)
      aws-sdk-core (~> 3, >= 3.109.0)
      aws-sigv4 (~> 1.1)
    aws-sdk-quicksight (1.37.0)
      aws-sdk-core (~> 3, >= 3.109.0)
      aws-sigv4 (~> 1.1)
    aws-sdk-ram (1.22.0)
      aws-sdk-core (~> 3, >= 3.109.0)
      aws-sigv4 (~> 1.1)
    aws-sdk-rds (1.106.0)
      aws-sdk-core (~> 3, >= 3.109.0)
      aws-sigv4 (~> 1.1)
    aws-sdk-rdsdataservice (1.23.0)
      aws-sdk-core (~> 3, >= 3.109.0)
      aws-sigv4 (~> 1.1)
    aws-sdk-redshift (1.51.0)
      aws-sdk-core (~> 3, >= 3.109.0)
      aws-sigv4 (~> 1.1)
    aws-sdk-redshiftdataapiservice (1.2.0)
      aws-sdk-core (~> 3, >= 3.109.0)
      aws-sigv4 (~> 1.1)
    aws-sdk-rekognition (1.47.0)
      aws-sdk-core (~> 3, >= 3.109.0)
      aws-sigv4 (~> 1.1)
    aws-sdk-resourcegroups (1.32.0)
      aws-sdk-core (~> 3, >= 3.109.0)
      aws-sigv4 (~> 1.1)
    aws-sdk-resourcegroupstaggingapi (1.34.0)
      aws-sdk-core (~> 3, >= 3.109.0)
      aws-sigv4 (~> 1.1)
    aws-sdk-resources (3.88.0)
      aws-sdk-accessanalyzer (~> 1)
      aws-sdk-acm (~> 1)
      aws-sdk-acmpca (~> 1)
      aws-sdk-alexaforbusiness (~> 1)
      aws-sdk-amplify (~> 1)
      aws-sdk-apigateway (~> 1)
      aws-sdk-apigatewaymanagementapi (~> 1)
      aws-sdk-apigatewayv2 (~> 1)
      aws-sdk-appconfig (~> 1)
      aws-sdk-appflow (~> 1)
      aws-sdk-applicationautoscaling (~> 1)
      aws-sdk-applicationdiscoveryservice (~> 1)
      aws-sdk-applicationinsights (~> 1)
      aws-sdk-appmesh (~> 1)
      aws-sdk-appregistry (~> 1)
      aws-sdk-appstream (~> 1)
      aws-sdk-appsync (~> 1)
      aws-sdk-athena (~> 1)
      aws-sdk-augmentedairuntime (~> 1)
      aws-sdk-autoscaling (~> 1)
      aws-sdk-autoscalingplans (~> 1)
      aws-sdk-backup (~> 1)
      aws-sdk-batch (~> 1)
      aws-sdk-braket (~> 1)
      aws-sdk-budgets (~> 1)
      aws-sdk-chime (~> 1)
      aws-sdk-cloud9 (~> 1)
      aws-sdk-clouddirectory (~> 1)
      aws-sdk-cloudformation (~> 1)
      aws-sdk-cloudfront (~> 1)
      aws-sdk-cloudhsm (~> 1)
      aws-sdk-cloudhsmv2 (~> 1)
      aws-sdk-cloudsearch (~> 1)
      aws-sdk-cloudsearchdomain (~> 1)
      aws-sdk-cloudtrail (~> 1)
      aws-sdk-cloudwatch (~> 1)
      aws-sdk-cloudwatchevents (~> 1)
      aws-sdk-cloudwatchlogs (~> 1)
      aws-sdk-codeartifact (~> 1)
      aws-sdk-codebuild (~> 1)
      aws-sdk-codecommit (~> 1)
      aws-sdk-codedeploy (~> 1)
      aws-sdk-codeguruprofiler (~> 1)
      aws-sdk-codegurureviewer (~> 1)
      aws-sdk-codepipeline (~> 1)
      aws-sdk-codestar (~> 1)
      aws-sdk-codestarconnections (~> 1)
      aws-sdk-codestarnotifications (~> 1)
      aws-sdk-cognitoidentity (~> 1)
      aws-sdk-cognitoidentityprovider (~> 1)
      aws-sdk-cognitosync (~> 1)
      aws-sdk-comprehend (~> 1)
      aws-sdk-comprehendmedical (~> 1)
      aws-sdk-computeoptimizer (~> 1)
      aws-sdk-configservice (~> 1)
      aws-sdk-connect (~> 1)
      aws-sdk-connectparticipant (~> 1)
      aws-sdk-costandusagereportservice (~> 1)
      aws-sdk-costexplorer (~> 1)
      aws-sdk-databasemigrationservice (~> 1)
      aws-sdk-dataexchange (~> 1)
      aws-sdk-datapipeline (~> 1)
      aws-sdk-datasync (~> 1)
      aws-sdk-dax (~> 1)
      aws-sdk-detective (~> 1)
      aws-sdk-devicefarm (~> 1)
      aws-sdk-directconnect (~> 1)
      aws-sdk-directoryservice (~> 1)
      aws-sdk-dlm (~> 1)
      aws-sdk-docdb (~> 1)
      aws-sdk-dynamodb (~> 1)
      aws-sdk-dynamodbstreams (~> 1)
      aws-sdk-ebs (~> 1)
      aws-sdk-ec2 (~> 1)
      aws-sdk-ec2instanceconnect (~> 1)
      aws-sdk-ecr (~> 1)
      aws-sdk-ecs (~> 1)
      aws-sdk-efs (~> 1)
      aws-sdk-eks (~> 1)
      aws-sdk-elasticache (~> 1)
      aws-sdk-elasticbeanstalk (~> 1)
      aws-sdk-elasticinference (~> 1)
      aws-sdk-elasticloadbalancing (~> 1)
      aws-sdk-elasticloadbalancingv2 (~> 1)
      aws-sdk-elasticsearchservice (~> 1)
      aws-sdk-elastictranscoder (~> 1)
      aws-sdk-emr (~> 1)
      aws-sdk-eventbridge (~> 1)
      aws-sdk-firehose (~> 1)
      aws-sdk-fms (~> 1)
      aws-sdk-forecastqueryservice (~> 1)
      aws-sdk-forecastservice (~> 1)
      aws-sdk-frauddetector (~> 1)
      aws-sdk-fsx (~> 1)
      aws-sdk-gamelift (~> 1)
      aws-sdk-glacier (~> 1)
      aws-sdk-globalaccelerator (~> 1)
      aws-sdk-glue (~> 1)
      aws-sdk-gluedatabrew (~> 1)
      aws-sdk-greengrass (~> 1)
      aws-sdk-groundstation (~> 1)
      aws-sdk-guardduty (~> 1)
      aws-sdk-health (~> 1)
      aws-sdk-honeycode (~> 1)
      aws-sdk-iam (~> 1)
      aws-sdk-identitystore (~> 1)
      aws-sdk-imagebuilder (~> 1)
      aws-sdk-importexport (~> 1)
      aws-sdk-inspector (~> 1)
      aws-sdk-iot (~> 1)
      aws-sdk-iot1clickdevicesservice (~> 1)
      aws-sdk-iot1clickprojects (~> 1)
      aws-sdk-iotanalytics (~> 1)
      aws-sdk-iotdataplane (~> 1)
      aws-sdk-iotevents (~> 1)
      aws-sdk-ioteventsdata (~> 1)
      aws-sdk-iotjobsdataplane (~> 1)
      aws-sdk-iotsecuretunneling (~> 1)
      aws-sdk-iotsitewise (~> 1)
      aws-sdk-iotthingsgraph (~> 1)
      aws-sdk-ivs (~> 1)
      aws-sdk-kafka (~> 1)
      aws-sdk-kendra (~> 1)
      aws-sdk-kinesis (~> 1)
      aws-sdk-kinesisanalytics (~> 1)
      aws-sdk-kinesisanalyticsv2 (~> 1)
      aws-sdk-kinesisvideo (~> 1)
      aws-sdk-kinesisvideoarchivedmedia (~> 1)
      aws-sdk-kinesisvideomedia (~> 1)
      aws-sdk-kinesisvideosignalingchannels (~> 1)
      aws-sdk-kms (~> 1)
      aws-sdk-lakeformation (~> 1)
      aws-sdk-lambda (~> 1)
      aws-sdk-lambdapreview (~> 1)
      aws-sdk-lex (~> 1)
      aws-sdk-lexmodelbuildingservice (~> 1)
      aws-sdk-licensemanager (~> 1)
      aws-sdk-lightsail (~> 1)
      aws-sdk-machinelearning (~> 1)
      aws-sdk-macie (~> 1)
      aws-sdk-macie2 (~> 1)
      aws-sdk-managedblockchain (~> 1)
      aws-sdk-marketplacecatalog (~> 1)
      aws-sdk-marketplacecommerceanalytics (~> 1)
      aws-sdk-marketplaceentitlementservice (~> 1)
      aws-sdk-marketplacemetering (~> 1)
      aws-sdk-mediaconnect (~> 1)
      aws-sdk-mediaconvert (~> 1)
      aws-sdk-medialive (~> 1)
      aws-sdk-mediapackage (~> 1)
      aws-sdk-mediapackagevod (~> 1)
      aws-sdk-mediastore (~> 1)
      aws-sdk-mediastoredata (~> 1)
      aws-sdk-mediatailor (~> 1)
      aws-sdk-migrationhub (~> 1)
      aws-sdk-migrationhubconfig (~> 1)
      aws-sdk-mobile (~> 1)
      aws-sdk-mq (~> 1)
      aws-sdk-mturk (~> 1)
      aws-sdk-mwaa (~> 1)
      aws-sdk-neptune (~> 1)
      aws-sdk-networkfirewall (~> 1)
      aws-sdk-networkmanager (~> 1)
      aws-sdk-opsworks (~> 1)
      aws-sdk-opsworkscm (~> 1)
      aws-sdk-organizations (~> 1)
      aws-sdk-outposts (~> 1)
      aws-sdk-personalize (~> 1)
      aws-sdk-personalizeevents (~> 1)
      aws-sdk-personalizeruntime (~> 1)
      aws-sdk-pi (~> 1)
      aws-sdk-pinpoint (~> 1)
      aws-sdk-pinpointemail (~> 1)
      aws-sdk-pinpointsmsvoice (~> 1)
      aws-sdk-polly (~> 1)
      aws-sdk-pricing (~> 1)
      aws-sdk-qldb (~> 1)
      aws-sdk-qldbsession (~> 1)
      aws-sdk-quicksight (~> 1)
      aws-sdk-ram (~> 1)
      aws-sdk-rds (~> 1)
      aws-sdk-rdsdataservice (~> 1)
      aws-sdk-redshift (~> 1)
      aws-sdk-redshiftdataapiservice (~> 1)
      aws-sdk-rekognition (~> 1)
      aws-sdk-resourcegroups (~> 1)
      aws-sdk-resourcegroupstaggingapi (~> 1)
      aws-sdk-robomaker (~> 1)
      aws-sdk-route53 (~> 1)
      aws-sdk-route53domains (~> 1)
      aws-sdk-route53resolver (~> 1)
      aws-sdk-s3 (~> 1)
      aws-sdk-s3control (~> 1)
      aws-sdk-s3outposts (~> 1)
      aws-sdk-sagemaker (~> 1)
      aws-sdk-sagemakerruntime (~> 1)
      aws-sdk-savingsplans (~> 1)
      aws-sdk-schemas (~> 1)
      aws-sdk-secretsmanager (~> 1)
      aws-sdk-securityhub (~> 1)
      aws-sdk-serverlessapplicationrepository (~> 1)
      aws-sdk-servicecatalog (~> 1)
      aws-sdk-servicediscovery (~> 1)
      aws-sdk-servicequotas (~> 1)
      aws-sdk-ses (~> 1)
      aws-sdk-sesv2 (~> 1)
      aws-sdk-shield (~> 1)
      aws-sdk-signer (~> 1)
      aws-sdk-simpledb (~> 1)
      aws-sdk-sms (~> 1)
      aws-sdk-snowball (~> 1)
      aws-sdk-sns (~> 1)
      aws-sdk-sqs (~> 1)
      aws-sdk-ssm (~> 1)
      aws-sdk-ssoadmin (~> 1)
      aws-sdk-ssooidc (~> 1)
      aws-sdk-states (~> 1)
      aws-sdk-storagegateway (~> 1)
      aws-sdk-support (~> 1)
      aws-sdk-swf (~> 1)
      aws-sdk-synthetics (~> 1)
      aws-sdk-textract (~> 1)
      aws-sdk-timestreamquery (~> 1)
      aws-sdk-timestreamwrite (~> 1)
      aws-sdk-transcribeservice (~> 1)
      aws-sdk-transcribestreamingservice (~> 1)
      aws-sdk-transfer (~> 1)
      aws-sdk-translate (~> 1)
      aws-sdk-waf (~> 1)
      aws-sdk-wafregional (~> 1)
      aws-sdk-wafv2 (~> 1)
      aws-sdk-workdocs (~> 1)
      aws-sdk-worklink (~> 1)
      aws-sdk-workmail (~> 1)
      aws-sdk-workmailmessageflow (~> 1)
      aws-sdk-workspaces (~> 1)
      aws-sdk-xray (~> 1)
    aws-sdk-robomaker (1.31.0)
      aws-sdk-core (~> 3, >= 3.109.0)
      aws-sigv4 (~> 1.1)
    aws-sdk-route53 (1.44.0)
      aws-sdk-core (~> 3, >= 3.109.0)
      aws-sigv4 (~> 1.1)
    aws-sdk-route53domains (1.28.0)
      aws-sdk-core (~> 3, >= 3.109.0)
      aws-sigv4 (~> 1.1)
    aws-sdk-route53resolver (1.21.0)
      aws-sdk-core (~> 3, >= 3.109.0)
      aws-sigv4 (~> 1.1)
    aws-sdk-s3 (1.85.0)
      aws-sdk-core (~> 3, >= 3.109.0)
      aws-sdk-kms (~> 1)
      aws-sigv4 (~> 1.1)
    aws-sdk-s3control (1.25.0)
      aws-sdk-core (~> 3, >= 3.109.0)
      aws-sigv4 (~> 1.1)
    aws-sdk-s3outposts (1.0.0)
      aws-sdk-core (~> 3, >= 3.109.0)
      aws-sigv4 (~> 1.1)
    aws-sdk-sagemaker (1.72.0)
      aws-sdk-core (~> 3, >= 3.109.0)
      aws-sigv4 (~> 1.1)
    aws-sdk-sagemakerruntime (1.27.0)
      aws-sdk-core (~> 3, >= 3.109.0)
      aws-sigv4 (~> 1.1)
    aws-sdk-savingsplans (1.12.0)
      aws-sdk-core (~> 3, >= 3.109.0)
      aws-sigv4 (~> 1.1)
    aws-sdk-schemas (1.10.0)
      aws-sdk-core (~> 3, >= 3.109.0)
      aws-sigv4 (~> 1.1)
    aws-sdk-secretsmanager (1.43.0)
      aws-sdk-core (~> 3, >= 3.109.0)
      aws-sigv4 (~> 1.1)
    aws-sdk-securityhub (1.36.0)
      aws-sdk-core (~> 3, >= 3.109.0)
      aws-sigv4 (~> 1.1)
    aws-sdk-serverlessapplicationrepository (1.32.0)
      aws-sdk-core (~> 3, >= 3.109.0)
      aws-sigv4 (~> 1.1)
    aws-sdk-servicecatalog (1.55.0)
      aws-sdk-core (~> 3, >= 3.109.0)
      aws-sigv4 (~> 1.1)
    aws-sdk-servicediscovery (1.31.0)
      aws-sdk-core (~> 3, >= 3.109.0)
      aws-sigv4 (~> 1.1)
    aws-sdk-servicequotas (1.11.0)
      aws-sdk-core (~> 3, >= 3.109.0)
      aws-sigv4 (~> 1.1)
    aws-sdk-ses (1.36.0)
      aws-sdk-core (~> 3, >= 3.109.0)
      aws-sigv4 (~> 1.1)
    aws-sdk-sesv2 (1.14.0)
      aws-sdk-core (~> 3, >= 3.109.0)
      aws-sigv4 (~> 1.1)
    aws-sdk-shield (1.33.0)
      aws-sdk-core (~> 3, >= 3.109.0)
      aws-sigv4 (~> 1.1)
    aws-sdk-signer (1.27.0)
      aws-sdk-core (~> 3, >= 3.109.0)
      aws-sigv4 (~> 1.1)
    aws-sdk-simpledb (1.24.0)
      aws-sdk-core (~> 3, >= 3.109.0)
      aws-sigv2 (~> 1.0)
    aws-sdk-sms (1.27.0)
      aws-sdk-core (~> 3, >= 3.109.0)
      aws-sigv4 (~> 1.1)
    aws-sdk-snowball (1.35.0)
      aws-sdk-core (~> 3, >= 3.109.0)
      aws-sigv4 (~> 1.1)
    aws-sdk-sns (1.36.0)
      aws-sdk-core (~> 3, >= 3.109.0)
      aws-sigv4 (~> 1.1)
    aws-sdk-sqs (1.34.0)
      aws-sdk-core (~> 3, >= 3.109.0)
      aws-sigv4 (~> 1.1)
    aws-sdk-ssm (1.98.0)
      aws-sdk-core (~> 3, >= 3.109.0)
      aws-sigv4 (~> 1.1)
    aws-sdk-ssoadmin (1.4.0)
      aws-sdk-core (~> 3, >= 3.109.0)
      aws-sigv4 (~> 1.1)
    aws-sdk-ssooidc (1.8.0)
      aws-sdk-core (~> 3, >= 3.109.0)
      aws-sigv4 (~> 1.1)
    aws-sdk-states (1.37.0)
      aws-sdk-core (~> 3, >= 3.109.0)
      aws-sigv4 (~> 1.1)
    aws-sdk-storagegateway (1.52.0)
      aws-sdk-core (~> 3, >= 3.109.0)
      aws-sigv4 (~> 1.1)
    aws-sdk-support (1.28.0)
      aws-sdk-core (~> 3, >= 3.109.0)
      aws-sigv4 (~> 1.1)
    aws-sdk-swf (1.25.0)
      aws-sdk-core (~> 3, >= 3.109.0)
      aws-sigv4 (~> 1.1)
    aws-sdk-synthetics (1.10.0)
      aws-sdk-core (~> 3, >= 3.109.0)
      aws-sigv4 (~> 1.1)
    aws-sdk-textract (1.22.0)
      aws-sdk-core (~> 3, >= 3.109.0)
      aws-sigv4 (~> 1.1)
    aws-sdk-timestreamquery (1.2.0)
      aws-sdk-core (~> 3, >= 3.109.0)
      aws-sigv4 (~> 1.1)
    aws-sdk-timestreamwrite (1.2.0)
      aws-sdk-core (~> 3, >= 3.109.0)
      aws-sigv4 (~> 1.1)
    aws-sdk-transcribeservice (1.50.0)
      aws-sdk-core (~> 3, >= 3.109.0)
      aws-sigv4 (~> 1.1)
    aws-sdk-transcribestreamingservice (1.24.0)
      aws-sdk-core (~> 3, >= 3.109.0)
      aws-sigv4 (~> 1.1)
    aws-sdk-transfer (1.28.0)
      aws-sdk-core (~> 3, >= 3.109.0)
      aws-sigv4 (~> 1.1)
    aws-sdk-translate (1.29.0)
      aws-sdk-core (~> 3, >= 3.109.0)
      aws-sigv4 (~> 1.1)
    aws-sdk-waf (1.36.0)
      aws-sdk-core (~> 3, >= 3.109.0)
      aws-sigv4 (~> 1.1)
    aws-sdk-wafregional (1.37.0)
      aws-sdk-core (~> 3, >= 3.109.0)
      aws-sigv4 (~> 1.1)
    aws-sdk-wafv2 (1.14.0)
      aws-sdk-core (~> 3, >= 3.109.0)
      aws-sigv4 (~> 1.1)
    aws-sdk-workdocs (1.28.0)
      aws-sdk-core (~> 3, >= 3.109.0)
      aws-sigv4 (~> 1.1)
    aws-sdk-worklink (1.21.0)
      aws-sdk-core (~> 3, >= 3.109.0)
      aws-sigv4 (~> 1.1)
    aws-sdk-workmail (1.33.0)
      aws-sdk-core (~> 3, >= 3.109.0)
      aws-sigv4 (~> 1.1)
    aws-sdk-workmailmessageflow (1.9.0)
      aws-sdk-core (~> 3, >= 3.109.0)
      aws-sigv4 (~> 1.1)
    aws-sdk-workspaces (1.48.0)
      aws-sdk-core (~> 3, >= 3.109.0)
      aws-sigv4 (~> 1.1)
    aws-sdk-xray (1.35.0)
      aws-sdk-core (~> 3, >= 3.109.0)
      aws-sigv4 (~> 1.1)
    aws-sigv2 (1.0.1)
    aws-sigv4 (1.2.2)
      aws-eventstream (~> 1, >= 1.0.2)
    bcrypt (3.1.16)
    bootsnap (1.5.1)
      msgpack (~> 1.0)
    buftok (0.2.0)
    builder (3.2.4)
    climate_control (0.2.0)
    coffee-rails (5.0.0)
      coffee-script (>= 2.2.0)
      railties (>= 5.2.0)
    coffee-script (2.4.1)
      coffee-script-source
      execjs
    coffee-script-source (1.12.2)
    concurrent-ruby (1.1.7)
    crass (1.0.6)
    daemons (1.3.1)
    devise (4.7.3)
      bcrypt (~> 3.0)
      orm_adapter (~> 0.1)
      railties (>= 4.1.0)
      responders
      warden (~> 1.2.3)
    domain_name (0.5.20190701)
      unf (>= 0.0.5, < 1.0.0)
    equalizer (0.0.11)
    erubi (1.10.0)
    eventmachine (1.2.7)
    execjs (2.7.0)
    ffi (1.13.1)
    ffi-compiler (1.0.1)
      ffi (>= 1.0.0)
      rake
    friendly_id (5.0.5)
      activerecord (>= 4.0.0)
    geocoder (1.6.4)
    globalid (0.4.2)
      activesupport (>= 4.2.0)
    http (4.4.1)
      addressable (~> 2.3)
      http-cookie (~> 1.0)
      http-form_data (~> 2.2)
      http-parser (~> 1.2.0)
    http-cookie (1.0.3)
      domain_name (~> 0.5)
    http-form_data (2.3.0)
    http-parser (1.2.2)
      ffi-compiler
    http_parser.rb (0.6.0)
    i18n (1.8.5)
      concurrent-ruby (~> 1.0)
    jbuilder (2.10.1)
      activesupport (>= 5.0.0)
    jmespath (1.4.0)
    jquery-rails (4.4.0)
      rails-dom-testing (>= 1, < 3)
      railties (>= 4.2.0)
      thor (>= 0.14, < 2.0)
    libv8 (3.16.14.19)
    loofah (2.8.0)
      crass (~> 1.0.2)
      nokogiri (>= 1.5.9)
    mail (2.7.1)
      mini_mime (>= 0.1.1)
    mail_form (1.8.1)
      actionmailer (>= 5.0)
      activemodel (>= 5.0)
    marcel (0.3.3)
      mimemagic (~> 0.3.2)
    memoizable (0.4.2)
      thread_safe (~> 0.3, >= 0.3.1)
    method_source (1.0.0)
    mime-types (1.25.1)
    mimemagic (0.3.10)
      nokogiri (~> 1)
      rake
    mini_mime (1.0.2)
    mini_portile2 (2.4.0)
    minitest (5.14.2)
    msgpack (1.3.3)
    multipart-post (2.1.1)
    naught (1.1.0)
    nested_form (0.3.2)
    nio4r (2.5.4)
    nokogiri (1.10.10)
      mini_portile2 (~> 2.4.0)
    orm_adapter (0.5.0)
    paperclip (6.1.0)
      activemodel (>= 4.2.0)
      activesupport (>= 4.2.0)
      mime-types
      mimemagic (~> 0.3.0)
      terrapin (~> 0.6.0)
    pg (0.21.0)
    public_suffix (4.0.6)
    puma (5.0.4)
      nio4r (~> 2.0)
    rack (2.2.3)
    rack-test (1.1.0)
      rack (>= 1.0, < 3)
    rails (5.2.4.4)
      actioncable (= 5.2.4.4)
      actionmailer (= 5.2.4.4)
      actionpack (= 5.2.4.4)
      actionview (= 5.2.4.4)
      activejob (= 5.2.4.4)
      activemodel (= 5.2.4.4)
      activerecord (= 5.2.4.4)
      activestorage (= 5.2.4.4)
      activesupport (= 5.2.4.4)
      bundler (>= 1.3.0)
      railties (= 5.2.4.4)
      sprockets-rails (>= 2.0.0)
    rails-dom-testing (2.0.3)
      activesupport (>= 4.2.0)
      nokogiri (>= 1.6)
    rails-html-sanitizer (1.3.0)
      loofah (~> 2.3)
    rails_12factor (0.0.3)
      rails_serve_static_assets
      rails_stdout_logging
    rails_serve_static_assets (0.0.5)
    rails_stdout_logging (0.0.5)
    railties (5.2.4.4)
      actionpack (= 5.2.4.4)
      activesupport (= 5.2.4.4)
      method_source
      rake (>= 0.8.7)
      thor (>= 0.19.0, < 2.0)
    rake (13.0.1)
    rdoc (6.2.1)
    ref (2.0.0)
    responders (3.0.1)
      actionpack (>= 5.0)
      railties (>= 5.0)
    rest-client (1.6.14)
      mime-types (~> 1.16)
    sass-rails (6.0.0)
      sassc-rails (~> 2.1, >= 2.1.1)
    sassc (2.4.0)
      ffi (~> 1.9)
    sassc-rails (2.1.2)
      railties (>= 4.0.0)
      sassc (>= 2.0)
      sprockets (> 3.0)
      sprockets-rails
      tilt
    sdoc (2.0.2)
      rdoc (>= 5.0)
    sequel (3.20.0)
    simple_oauth (0.3.1)
    sinatra (1.0)
      rack (>= 1.0)
    sprockets (4.0.2)
      concurrent-ruby (~> 1.0)
      rack (> 1, < 3)
    sprockets-rails (3.2.2)
      actionpack (>= 4.0)
      activesupport (>= 4.0)
      sprockets (>= 3.0.0)
    sqlite3 (1.3.13)
    taps (0.3.24)
      rack (>= 1.0.1)
      rest-client (>= 1.4.0, < 1.7.0)
      sequel (~> 3.20.0)
      sinatra (~> 1.0.0)
    terrapin (0.6.0)
      climate_control (>= 0.0.3, < 1.0)
    therubyracer (0.12.3)
      libv8 (~> 3.16.14.15)
      ref
    thin (1.8.0)
      daemons (~> 1.0, >= 1.0.9)
      eventmachine (~> 1.0, >= 1.0.4)
      rack (>= 1, < 3)
    thor (1.0.1)
    thread_safe (0.3.6)
    tilt (2.0.10)
    turbolinks (5.2.1)
      turbolinks-source (~> 5.2)
    turbolinks-source (5.2.0)
    twitter (7.0.0)
      addressable (~> 2.3)
      buftok (~> 0.2.0)
      equalizer (~> 0.0.11)
      http (~> 4.0)
      http-form_data (~> 2.0)
      http_parser.rb (~> 0.6.0)
      memoizable (~> 0.4.0)
      multipart-post (~> 2.0)
      naught (~> 1.0)
      simple_oauth (~> 0.3.0)
    tzinfo (1.2.8)
      thread_safe (~> 0.1)
    uglifier (4.2.0)
      execjs (>= 0.3.0, < 3)
    unf (0.1.4)
      unf_ext
    unf_ext (0.0.7.7)
    warden (1.2.9)
      rack (>= 2.0.9)
    websocket-driver (0.7.3)
      websocket-extensions (>= 0.1.0)
    websocket-extensions (0.1.5)

PLATFORMS
  ruby

DEPENDENCIES
  aws-sdk
  bootsnap
  coffee-rails
  devise (~> 4.0)
  friendly_id (~> 5.0.0)
  geocoder
  jbuilder (~> 2.10)
  jquery-rails
  mail_form
  nested_form
  nokogiri
  paperclip
  pg (~> 0.21)
  puma
  rails (= 5.2.4.4)
  rails_12factor
  sass-rails
  sdoc
  sqlite3 (~> 1.3.6)
  taps
  therubyracer
  thin
  turbolinks
  twitter
  uglifier (>= 1.3.0)

RUBY VERSION
   ruby 2.6.6p146

BUNDLED WITH
   1.17.3
